GEM
  remote: https://rubygems.org/
  specs:
    CFPropertyList (2.2.8)
    diff-lcs (1.2.5)
    facter (2.3.0)
      CFPropertyList (~> 2.2.6)
    hiera (1.3.4)
      json_pure
    json_pure (1.8.1)
    metaclass (0.0.4)
    mocha (1.1.0)
      metaclass (~> 0.0.1)
    puppet (3.7.2)
      facter (> 1.6, < 3)
      hiera (~> 1.0)
      json_pure
    puppet-lint (0.3.2)
    puppetlabs_spec_helper (0.4.1)
      mocha (>= 0.10.5)
      rake
      rspec (>= 2.9.0)
      rspec-puppet (>= 0.1.1)
    rake (10.3.2)
    rspec (2.14.1)
      rspec-core (~> 2.14.0)
      rspec-expectations (~> 2.14.0)
      rspec-mocks (~> 2.14.0)
    rspec-core (2.14.8)
    rspec-expectations (2.14.5)
      diff-lcs (>= 1.1.3, < 2.0)
    rspec-mocks (2.14.6)
    rspec-puppet (1.0.1)
      rspec

PLATFORMS
  ruby

DEPENDENCIES
  puppet
  puppet-lint
  puppetlabs_spec_helper
  rspec-puppet
